PATH
  remote: ../imdb/
  specs:
    imdb (0.6.9)
      hpricot (~> 0.8.4)

GEM
  remote: http://rubygems.org/
  specs:
    activesupport (3.2.2)
      i18n (~> 0.6)
      multi_json (~> 1.0)
    addressable (2.2.7)
    diff-lcs (1.1.3)
    factory_girl (3.0.0)
      activesupport (>= 3.0.0)
    fakeweb (1.3.0)
    faraday (0.7.6)
      addressable (~> 2.2)
      multipart-post (~> 1.1)
      rack (~> 1.1)
    hpricot (0.8.6)
    i18n (0.6.0)
    multi_json (1.2.0)
    multipart-post (1.1.5)
    rack (1.4.1)
    rspec (2.6.0)
      rspec-core (~> 2.6.0)
      rspec-expectations (~> 2.6.0)
      rspec-mocks (~> 2.6.0)
    rspec-core (2.6.4)
    rspec-expectations (2.6.0)
      diff-lcs (~> 1.1.2)
    rspec-mocks (2.6.0)
    simple_oauth (0.1.5)
    twitter (2.1.1)
      activesupport (>= 2.3.9, < 4)
      faraday (~> 0.7)
      multi_json (~> 1.0)
      simple_oauth (~> 0.1)
    xml-simple (1.1.1)

PLATFORMS
  ruby

DEPENDENCIES
  factory_girl (~> 3.0)
  fakeweb
  hpricot
  imdb!
  rspec
  twitter
  xml-simple
